PATH
  remote: .
  specs:
    geo_ip (0.3.0)
      json (~> 1.4.6)

GEM
  remote: http://rubygems.org/
  specs:
    json (1.4.6)
    rspec (1.3.1)

PLATFORMS
  ruby

DEPENDENCIES
  geo_ip!
  rspec (~> 1.3.0)
