PATH
  remote: .
  specs:
    geo_ip_curb (0.4.0)
      curb (~> 0.7.15)
      json (~> 1.4.6)

GEM
  remote: http://rubygems.org/
  specs:
    curb (0.7.15)
    json (1.4.6)
    mocha (0.9.12)

PLATFORMS
  ruby

DEPENDENCIES
  geo_ip_curb!
  mocha (~> 0.9.12)
